GEM
  remote: https://rubygems.org/
  specs:
    colored (1.2)
    diff-lcs (1.2.5)
    docile (1.1.5)
    gemrat (0.4.6)
      colored (= 1.2)
    json (1.8.3)
    luhn (1.0.2)
    rspec (3.4.0)
      rspec-core (~> 3.4.0)
      rspec-expectations (~> 3.4.0)
      rspec-mocks (~> 3.4.0)
    rspec-core (3.4.1)
      rspec-support (~> 3.4.0)
    rspec-expectations (3.4.0)
      diff-lcs (>= 1.2.0, < 2.0)
      rspec-support (~> 3.4.0)
    rspec-mocks (3.4.0)
      diff-lcs (>= 1.2.0, < 2.0)
      rspec-support (~> 3.4.0)
    rspec-support (3.4.1)
    simplecov (0.10.0)
      docile (~> 1.1.0)
      json (~> 1.8)
      simplecov-html (~> 0.10.0)
    simplecov-html (0.10.0)
    thor (0.19.1)

PLATFORMS
  ruby

DEPENDENCIES
  gemrat (= 0.4.6)
  luhn (= 1.0.2)
  rspec (= 3.4.0)
  simplecov (= 0.10.0)
  thor (= 0.19.1)

BUNDLED WITH
   1.10.6
